GEM
  remote: http://rubygems.org/
  specs:
    ZenTest (4.5.0)
    autotest-fsevent (0.2.5)
      sys-uname
    autotest-growl (0.2.9)
    awesome_print (0.3.2)
    diff-lcs (1.1.2)
    git (1.2.5)
    jeweler (1.5.2)
      bundler (~> 1.0.0)
      git (>= 1.2.5)
      rake
    rake (0.8.7)
    rcov (0.9.9)
    rspec (2.5.0)
      rspec-core (~> 2.5.0)
      rspec-expectations (~> 2.5.0)
      rspec-mocks (~> 2.5.0)
    rspec-core (2.5.1)
    rspec-expectations (2.5.0)
      diff-lcs (~> 1.1.2)
    rspec-mocks (2.5.0)
    sys-uname (0.8.5)

PLATFORMS
  ruby

DEPENDENCIES
  ZenTest
  autotest-fsevent
  autotest-growl
  awesome_print
  bundler (~> 1.0.0)
  jeweler (~> 1.5.2)
  rcov
  rspec
